NUGET
  remote: http://nuget.org/api/v2
  specs:
    FAKE (3.14.10)
    FParsec (1.0.1)
    FSharp.Core (3.1.2.1)
    NuGet.CommandLine (2.8.3)
    NUnit (2.6.4)
    Unquote (2.2.2)
